PATH
  remote: .
  specs:
    collapsium-config (0.4.1)
      collapsium (~> 0.6)

GEM
  remote: https://rubygems.org/
  specs:
    ast (2.3.0)
    codeclimate-test-reporter (1.0.2)
    collapsium (0.6.1)
    diff-lcs (1.2.5)
    docile (1.1.5)
    json (2.0.2)
    parser (2.3.1.4)
      ast (~> 2.2)
    powerpack (0.1.1)
    rainbow (2.1.0)
    rake (11.3.0)
    rspec (3.5.0)
      rspec-core (~> 3.5.0)
      rspec-expectations (~> 3.5.0)
      rspec-mocks (~> 3.5.0)
    rspec-core (3.5.4)
      rspec-support (~> 3.5.0)
    rspec-expectations (3.5.0)
      diff-lcs (>= 1.2.0, < 2.0)
      rspec-support (~> 3.5.0)
    rspec-mocks (3.5.0)
      diff-lcs (>= 1.2.0, < 2.0)
      rspec-support (~> 3.5.0)
    rspec-support (3.5.0)
    rubocop (0.45.0)
      parser (>= 2.3.1.1, < 3.0)
      powerpack (~> 0.1)
      rainbow (>= 1.99.1, < 3.0)
      ruby-progressbar (~> 1.7)
      unicode-display_width (~> 1.0, >= 1.0.1)
    ruby-progressbar (1.8.1)
    simplecov (0.12.0)
      docile (~> 1.1.0)
      json (>= 1.8, < 3)
      simplecov-html (~> 0.10.0)
    simplecov-html (0.10.0)
    unicode-display_width (1.1.1)
    yard (0.9.5)

PLATFORMS
  ruby

DEPENDENCIES
  bundler (~> 1.12)
  codeclimate-test-reporter
  collapsium-config!
  rake (~> 11.3)
  rspec (~> 3.5)
  rubocop (~> 0.45)
  simplecov (~> 0.12)
  yard (~> 0.9)

BUNDLED WITH
   1.13.6
