PATH
  remote: .
  specs:
    collapsium-config (0.7.0)
      collapsium (~> 0.10)

GEM
  remote: https://rubygems.org/
  specs:
    collapsium (0.10.0)
    diff-lcs (1.3)
    docile (1.3.0)
    json (2.1.0)
    rake (11.3.0)
    rspec (3.7.0)
      rspec-core (~> 3.7.0)
      rspec-expectations (~> 3.7.0)
      rspec-mocks (~> 3.7.0)
    rspec-core (3.7.1)
      rspec-support (~> 3.7.0)
    rspec-expectations (3.7.0)
      diff-lcs (>= 1.2.0, < 2.0)
      rspec-support (~> 3.7.0)
    rspec-mocks (3.7.0)
      diff-lcs (>= 1.2.0, < 2.0)
      rspec-support (~> 3.7.0)
    rspec-support (3.7.1)
    simplecov (0.16.1)
      docile (~> 1.1)
      json (>= 1.8, < 3)
      simplecov-html (~> 0.10.0)
    simplecov-html (0.10.2)
    yard (0.9.12)

PLATFORMS
  ruby

DEPENDENCIES
  bundler (~> 1.16)
  collapsium-config!
  rake (~> 11.3)
  rspec (~> 3.7)
  simplecov (~> 0.16)
  yard (~> 0.9, >= 0.9.12)

BUNDLED WITH
   1.16.1
